GEM
  remote: http://rubygems.org/
  specs:
    ffi (1.0.11)
    rb-fchange (0.0.5)
      ffi
    ruby-prof (0.10.8)

PLATFORMS
  x86-mingw32

DEPENDENCIES
  rb-fchange
  ruby-prof
